GEM
  remote: http://rubygems.org/
  remote: http://gemcutter.org/
  specs:
    actionmailer (3.1.0)
      actionpack (= 3.1.0)
      mail (~> 2.3.0)
    actionpack (3.1.0)
      activemodel (= 3.1.0)
      activesupport (= 3.1.0)
      builder (~> 3.0.0)
      erubis (~> 2.7.0)
      i18n (~> 0.6)
      rack (~> 1.3.2)
      rack-cache (~> 1.0.3)
      rack-mount (~> 0.8.2)
      rack-test (~> 0.6.1)
      sprockets (~> 2.0.0)
    activemodel (3.1.0)
      activesupport (= 3.1.0)
      bcrypt-ruby (~> 3.0.0)
      builder (~> 3.0.0)
      i18n (~> 0.6)
    activerecord (3.1.0)
      activemodel (= 3.1.0)
      activesupport (= 3.1.0)
      arel (~> 2.2.1)
      tzinfo (~> 0.3.29)
    activeresource (3.1.0)
      activemodel (= 3.1.0)
      activesupport (= 3.1.0)
    activesupport (3.1.0)
      multi_json (~> 1.0)
    acts-as-taggable-on (2.0.6)
    arel (2.2.1)
    aws-s3 (0.6.2)
      builder
      mime-types
      xml-simple
    bcrypt-ruby (3.0.1)
    builder (3.0.0)
    capistrano (2.5.19)
      highline
      net-scp (>= 1.0.0)
      net-sftp (>= 2.0.0)
      net-ssh (>= 2.0.14)
      net-ssh-gateway (>= 1.0.0)
    capybara (0.4.1.2)
      celerity (>= 0.7.9)
      culerity (>= 0.2.4)
      mime-types (>= 1.16)
      nokogiri (>= 1.3.3)
      rack (>= 1.0.0)
      rack-test (>= 0.5.4)
      selenium-webdriver (>= 0.0.27)
      xpath (~> 0.1.3)
    celerity (0.8.8)
    childprocess (0.1.7)
      ffi (~> 0.6.3)
    configuration (1.2.0)
    culerity (0.2.15)
    daemons (1.0.10)
    database_cleaner (0.6.4)
    diff-lcs (1.1.2)
    erubis (2.7.0)
    escape_utils (0.2.2)
    faker (0.9.5)
      i18n (~> 0.4)
    ffi (0.6.3)
      rake (>= 0.8.7)
    gem_plugin (0.2.3)
    haml (3.0.25)
    haml-rails (0.3.4)
      actionpack (~> 3.0)
      activesupport (~> 3.0)
      haml (~> 3.0)
      railties (~> 3.0)
    highline (1.6.1)
    hike (1.2.1)
    hirb (0.4.0)
    i18n (0.6.0)
    jquery-rails (0.2.7)
      rails (~> 3.0)
      thor (~> 0.14.4)
    json (1.6.5)
    json_pure (1.5.1)
    kaminari (0.13.0)
      actionpack (>= 3.0.0)
      activesupport (>= 3.0.0)
      railties (>= 3.0.0)
    kgio (2.6.0)
    launchy (0.4.0)
      configuration (>= 0.0.5)
      rake (>= 0.8.1)
    machinist (2.0.0.beta2)
    mail (2.3.0)
      i18n (>= 0.4.0)
      mime-types (~> 1.16)
      treetop (~> 1.4.8)
    mechanize (1.0.0)
      nokogiri (>= 1.2.1)
    memcache-client (1.8.5)
    mime-types (1.17.2)
    mongrel (1.2.0.pre2)
      daemons (~> 1.0.10)
      gem_plugin (~> 0.2.3)
    multi_json (1.0.4)
    net-scp (1.0.4)
      net-ssh (>= 1.99.1)
    net-sftp (2.0.5)
      net-ssh (>= 2.0.9)
    net-ssh (2.1.0)
    net-ssh-gateway (1.0.1)
      net-ssh (>= 1.99.1)
    nokogiri (1.4.4)
    paperclip (2.3.8)
      activerecord
      activesupport
    polyglot (0.3.3)
    progressbar (0.9.0)
    rack (1.3.6)
    rack-cache (1.0.3)
      rack (>= 0.4)
    rack-mount (0.8.3)
      rack (>= 1.0.0)
    rack-ssl (1.3.2)
      rack
    rack-test (0.6.1)
      rack (>= 1.0)
    rails (3.1.0)
      actionmailer (= 3.1.0)
      actionpack (= 3.1.0)
      activerecord (= 3.1.0)
      activeresource (= 3.1.0)
      activesupport (= 3.1.0)
      bundler (~> 1.0)
      railties (= 3.1.0)
    rails3-generators (0.17.4)
      railties (>= 3.0.0)
    railties (3.1.0)
      actionpack (= 3.1.0)
      activesupport (= 3.1.0)
      rack-ssl (~> 1.3.2)
      rake (>= 0.8.7)
      rdoc (~> 3.4)
      thor (~> 0.14.6)
    rainbow (1.1.1)
    raindrops (0.7.0)
    rake (0.9.2.2)
    rdoc (3.12)
      json (~> 1.4)
    rspec (2.5.0)
      rspec-core (~> 2.5.0)
      rspec-expectations (~> 2.5.0)
      rspec-mocks (~> 2.5.0)
    rspec-core (2.5.1)
    rspec-expectations (2.5.0)
      diff-lcs (~> 1.1.2)
    rspec-mocks (2.5.0)
    rspec-rails (2.5.0)
      actionpack (~> 3.0)
      activesupport (~> 3.0)
      railties (~> 3.0)
      rspec (~> 2.5.0)
    rubyzip (0.9.4)
    selenium-webdriver (0.1.3)
      childprocess (~> 0.1.5)
      ffi (~> 0.6.3)
      json_pure
      rubyzip
    spork (0.9.0.rc4)
    sprockets (2.0.3)
      hike (~> 1.2)
      rack (~> 1.0)
      tilt (~> 1.1, != 1.3.0)
    sqlite3 (1.3.5)
    thor (0.14.6)
    tilt (1.3.3)
    treetop (1.4.10)
      polyglot
      polyglot (>= 0.3.1)
    tzinfo (0.3.31)
    unicorn (4.1.1)
      kgio (~> 2.4)
      rack
      raindrops (~> 0.6)
    wirble (0.1.3)
    xml-simple (1.0.14)
    xpath (0.1.3)
      nokogiri (~> 1.3)

PLATFORMS
  ruby

DEPENDENCIES
  acts-as-taggable-on
  aws-s3
  capistrano
  capybara
  database_cleaner
  escape_utils
  faker
  haml
  haml-rails
  hirb
  jquery-rails
  kaminari (>= 0.13.0)
  launchy
  machinist (>= 2.0.0.beta1)
  mechanize
  memcache-client
  mongrel (>= 1.2.0.pre2)
  paperclip
  progressbar
  rails (= 3.1.0)
  rails3-generators
  rainbow
  rspec (>= 2.0.0)
  rspec-rails (>= 2.0.0)
  spork (>= 0.9.0.rc2)
  sqlite3 (>= 1.3.4)
  unicorn
  wirble
